GEM
  remote: http://rubygems.org/
  specs:
    daemons (1.1.9)
    eventmachine (1.0.3)
    json (1.7.7)
    newrelic_rpm (3.9.4.245)
    rack (1.5.2)
    rack-protection (1.5.1)
      rack
    sinatra (1.3.2)
      rack (~> 1.3, >= 1.3.6)
      rack-protection (~> 1.2)
      tilt (~> 1.3, >= 1.3.3)
    thin (1.3.1)
      daemons (>= 1.0.9)
      eventmachine (>= 0.12.6)
      rack (>= 1.0.0)
    tilt (1.3.3)

PLATFORMS
  ruby

DEPENDENCIES
  bundler
  json (= 1.7.7)
  newrelic_rpm
  sinatra (= 1.3.2)
  thin (= 1.3.1)
  tilt (= 1.3.3)
